PATH
  remote: .
  specs:
    fog-azurerm (0.0.0)
      azure_mgmt_compute (~> 0.2.1)
      azure_mgmt_network (~> 0.2.1)
      azure_mgmt_resources (~> 0.2.1)
      azure_mgmt_storage (~> 0.2.1)
      fog-core (~> 1.27)
      fog-json (~> 1.0)
      fog-xml (~> 0.1)

GEM
  remote: https://rubygems.org/
  specs:
    azure_mgmt_compute (0.2.1)
      ms_rest_azure (~> 0.2.0)
    azure_mgmt_network (0.2.1)
      ms_rest_azure (~> 0.2.0)
    azure_mgmt_resources (0.2.1)
      ms_rest_azure (~> 0.2.0)
    azure_mgmt_storage (0.2.1)
      ms_rest_azure (~> 0.2.0)
    builder (3.2.2)
    concurrent-ruby (1.0.0)
    domain_name (0.5.25)
      unf (>= 0.0.5, < 1.0.0)
    excon (0.45.4)
    faraday (0.9.2)
      multipart-post (>= 1.2, < 3)
    faraday-cookie_jar (0.0.6)
      faraday (>= 0.7.4)
      http-cookie (~> 1.0.0)
    fog-core (1.35.0)
      builder
      excon (~> 0.45)
      formatador (~> 0.2)
    fog-json (1.0.2)
      fog-core (~> 1.0)
      multi_json (~> 1.10)
    fog-xml (0.1.2)
      fog-core
      nokogiri (~> 1.5, >= 1.5.11)
    formatador (0.2.5)
    http-cookie (1.0.2)
      domain_name (~> 0.5)
    json (1.8.3)
    mini_portile2 (2.0.0)
    ms_rest (0.2.1)
      concurrent-ruby (~> 1.0)
      faraday (~> 0.9)
      json (~> 1.7)
      timeliness (~> 0.3)
    ms_rest_azure (0.2.2)
      concurrent-ruby (~> 1.0)
      faraday (~> 0.9)
      faraday-cookie_jar (~> 0.0.6)
      json (~> 1.7)
      ms_rest (~> 0.2.1)
    multi_json (1.11.2)
    multipart-post (2.0.0)
    nokogiri (1.6.7-x64-mingw32)
      mini_portile2 (~> 2.0.0.rc2)
    rake (10.5.0)
    shindo (0.3.0)
      formatador (>= 0.0.16)
    timeliness (0.3.8)
    unf (0.1.4)
      unf_ext
    unf_ext (0.0.7.1-x64-mingw32)

PLATFORMS
  x64-mingw32

DEPENDENCIES
  fog-azurerm!
  rake (~> 10.0)
  shindo (~> 0.3)

BUNDLED WITH
   1.10.6
